GEM
  remote: https://rubygems.org/
  specs:
    amq-protocol (2.0.0)
    bunny (2.2.1)
      amq-protocol (>= 2.0.0)
    serverengine (1.5.11)
      sigdump (~> 0.2.2)
    sigdump (0.2.3)
    sneakers (2.3.5)
      bunny (~> 2.2.0)
      serverengine (~> 1.5.11)
      thor
      thread (~> 0.1.7)
    thor (0.19.1)
    thread (0.1.7)

PLATFORMS
  ruby

DEPENDENCIES
  sneakers

BUNDLED WITH
   1.10.6
